GEM
  remote: http://rubygems.org/
  specs:
    builder (3.2.2)
    columnize (0.3.6)
    debugger (1.6.3)
      columnize (>= 0.3.1)
      debugger-linecache (~> 1.2.0)
      debugger-ruby_core_source (~> 1.2.4)
    debugger-linecache (1.2.0)
    debugger-ruby_core_source (1.2.4)
    debugger-xml (0.3.3)
      builder (>= 2.0.0)
      debugger (>= 1.6.2)
    diff-lcs (1.2.5)
    json (1.8.1)
    mime-types (2.0)
    newrelic_plugin (1.3.1)
      json
    rest-client (1.6.7)
      mime-types (>= 1.16)
    rspec (2.14.1)
      rspec-core (~> 2.14.0)
      rspec-expectations (~> 2.14.0)
      rspec-mocks (~> 2.14.0)
    rspec-core (2.14.7)
    rspec-expectations (2.14.4)
      diff-lcs (>= 1.1.3, < 2.0)
    rspec-mocks (2.14.4)

PLATFORMS
  ruby

DEPENDENCIES
  debugger
  debugger-xml
  newrelic_plugin
  rest-client
  rspec
