GEM
  remote: http://rubygems.org/
  specs:
    json (1.8.1)
    newrelic_plugin (1.3.1)
      json

PLATFORMS
  ruby

DEPENDENCIES
  newrelic_plugin
